GEM
  remote: https://rubygems.org/
  specs:
    coderay (1.1.1)
    honeybadger-api (2.0.1)
      json
    json (2.0.2)
    method_source (0.8.2)
    pry (0.10.4)
      coderay (~> 1.1.0)
      method_source (~> 0.8.1)
      slop (~> 3.4)
    slop (3.6.0)

PLATFORMS
  ruby

DEPENDENCIES
  honeybadger-api
  pry

BUNDLED WITH
   1.12.5
